GEM
  remote: https://rubygems.org/
  specs:
    digest (3.1.1)
    find (0.1.1)
    sqlite3 (1.6.4-arm64-darwin)

PLATFORMS
  arm64-darwin-21

DEPENDENCIES
  digest
  find
  sqlite3

BUNDLED WITH
   2.3.26
